REDIRECTS: ON
NUGET
  remote: https://nuget.org/api/v2
  specs:
    FAKE (3.35.2)
    FSCL.Compiler (2.0.1)
    FSharp.Compiler.Service (0.0.90)
    FSharp.Core (3.1.2.1)
    FSharp.Formatting (2.9.8)
      FSharp.Compiler.Service (>= 0.0.87)
      FSharpVSPowerTools.Core (1.8.0)
    FSharpVSPowerTools.Core (1.8.0)
      FSharp.Compiler.Service (>= 0.0.87)
    MathNet.Numerics (3.7.0)
      TaskParallelLibrary (>= 1.0.2856) - framework: net35
    MathNet.Numerics.FSharp (3.7.0)
      FSharp.Core (>= 3.1.2.1)
      MathNet.Numerics (3.7.0)
    Microsoft.Bcl (1.1.10)
      Microsoft.Bcl.Build (>= 1.0.14)
    Microsoft.Bcl.Build (1.0.21) - import_targets: false
    Microsoft.Net.Http (2.2.29)
      Microsoft.Bcl (>= 1.1.10)
      Microsoft.Bcl.Build (>= 1.0.14)
    NUnit (2.6.4)
    NUnit.Runners (2.6.4)
    Octokit (0.24.0)
      Microsoft.Net.Http
    SourceLink.Fake (0.5.0)
    TaskParallelLibrary (1.0.2856) - framework: net35
GITHUB
  remote: fsharp/FAKE
  specs:
    modules/Octokit/Octokit.fsx (e842705560e95dd75dd2c6a78fb1ae62db545297)
      Octokit (>= 0.20)